GIT
  remote: git://github.com/bmabey/database_cleaner.git
  revision: 8bcee52a94360f3c8ff727def4de2e64dd2e2841
  specs:
    database_cleaner (0.6.7)

GIT
  remote: git://github.com/intridea/omniauth.git
  revision: b9fe79961ab56041dbf915da708a51227a60cc94
  ref: b9fe79961ab56041dbf9
  specs:
    oa-basic (0.3.0.rc1)
      oa-core (= 0.3.0.rc1)
      rest-client (~> 1.6.0)
    oa-core (0.3.0.rc1)
    oa-enterprise (0.3.0.rc1)
      addressable (~> 2.2.6)
      net-ldap (~> 0.2.2)
      nokogiri (~> 1.4.2)
      oa-core (= 0.3.0.rc1)
      pyu-ruby-sasl (~> 0.0.3.1)
      rubyntlm (~> 0.1.1)
    oa-more (0.3.0.rc1)
      multi_json (~> 1.0.0)
      oa-core (= 0.3.0.rc1)
      rest-client (~> 1.6.0)
    oa-oauth (0.3.0.rc1)
      faraday (~> 0.7.3)
      multi_json (~> 1.0.0)
      multi_xml (~> 0.2.2)
      oa-core (= 0.3.0.rc1)
      oauth (~> 0.4.0)
      oauth2 (~> 0.5.0.rc1)
    oa-openid (0.3.0.rc1)
      oa-core (= 0.3.0.rc1)
      rack-openid (~> 1.3.1)
      ruby-openid-apps-discovery (~> 1.2.0)
    omniauth (0.3.0.rc1)
      oa-basic (= 0.3.0.rc1)
      oa-core (= 0.3.0.rc1)
      oa-enterprise (= 0.3.0.rc1)
      oa-more (= 0.3.0.rc1)
      oa-oauth (= 0.3.0.rc1)
      oa-openid (= 0.3.0.rc1)

GIT
  remote: git://github.com/jnicklas/carrierwave.git
  revision: 3850f67ce1b7d25db595c3e2ec28b81ac172467c
  specs:
    carrierwave (0.5.4)
      activesupport (~> 3.0)

GIT
  remote: git://github.com/jnunemaker/twitter.git
  revision: 0132ab35966b1220bbfe15c8ef97c30a801fa755
  specs:
    twitter (1.6.0)
      faraday (~> 0.7.3)
      faraday_middleware (~> 0.7.0.rc.1)
      hashie (~> 1.0.0)
      multi_json (~> 1.0.0)
      multi_xml (~> 0.2.0)
      simple_oauth (~> 0.1.5)

GIT
  remote: git://github.com/moabite/best_in_place.git
  revision: 55f8fdc3ab7c37167d72eaf82f8b471146169890
  specs:
    best_in_place (0.1.9)
      rails (~> 3.0.0)

GIT
  remote: git://github.com/plataformatec/devise.git
  revision: 4964f53a42a3d434ee6d731d6f999d8dae13dada
  ref: 4964f53a42a3d434ee6d731d6f999d8dae13dada
  specs:
    devise (1.4.0.dev)
      bcrypt-ruby (~> 2.1.2)
      orm_adapter (~> 0.0.3)
      warden (~> 1.0.3)

GIT
  remote: git://github.com/sid137/facebook_test_users.git
  revision: 271326ff46bc43303fbe4f18701b95832953d946
  specs:
    facebook_test_users (0.0.2)
      json_pure (~> 1.5.0)
      rest-client (~> 1.6.1)
      thor (~> 0.14.6)

GIT
  remote: git://github.com/sid137/heroku-rails.git
  revision: 76c58092b032831133a39bbdad5f32bf99b6784e
  specs:
    heroku-rails (0.3.2)
      heroku (>= 1.11.0)

GIT
  remote: git://github.com/technoweenie/faraday.git
  revision: 0efca1c878e3e902ee5a11b820c69cef778366c6
  specs:
    faraday (0.7.3)
      addressable (~> 2.2.6)
      multipart-post (~> 1.1.0)
      rack (< 2, >= 1.1.0)

GIT
  remote: git://github.com/voormedia/rails-erd.git
  revision: 643c3ab9aa811758d278d3ddab0268f47e2b97d9
  specs:
    rails-erd (0.5.0pre)
      activerecord (~> 3.0)
      activesupport (~> 3.0)
      choice (~> 0.1.4)
      ruby-graphviz (~> 1.0)

GEM
  remote: http://rubygems.org/
  specs:
    POpen4 (0.1.4)
      Platform (>= 0.4.0)
      open4
    ParseTree (3.0.7)
      RubyInline (>= 3.7.0)
      sexp_processor (>= 3.0.0)
    Platform (0.4.0)
    RubyInline (3.9.0)
      ZenTest (~> 4.3)
    ZenTest (4.5.0)
    abstract (1.0.0)
    actionmailer (3.0.9)
      actionpack (= 3.0.9)
      mail (~> 2.2.19)
    actionpack (3.0.9)
      activemodel (= 3.0.9)
      activesupport (= 3.0.9)
      builder (~> 2.1.2)
      erubis (~> 2.6.6)
      i18n (~> 0.5.0)
      rack (~> 1.2.1)
      rack-mount (~> 0.6.14)
      rack-test (~> 0.5.7)
      tzinfo (~> 0.3.23)
    activemodel (3.0.9)
      activesupport (= 3.0.9)
      builder (~> 2.1.2)
      i18n (~> 0.5.0)
    activerecord (3.0.9)
      activemodel (= 3.0.9)
      activesupport (= 3.0.9)
      arel (~> 2.0.10)
      tzinfo (~> 0.3.23)
    activeresource (3.0.9)
      activemodel (= 3.0.9)
      activesupport (= 3.0.9)
    activesupport (3.0.9)
    acts_as_list (0.1.3)
    addressable (2.2.6)
    archive-tar-minitar (0.5.2)
    arel (2.0.10)
    attr_required (0.0.3)
    autotest-rails (4.1.0)
      ZenTest
    bcrypt-ruby (2.1.4)
    builder (2.1.2)
    capybara (1.0.0)
      mime-types (>= 1.16)
      nokogiri (>= 1.3.3)
      rack (>= 1.0.0)
      rack-test (>= 0.5.4)
      selenium-webdriver (~> 0.2.0)
      xpath (~> 0.1.4)
    childprocess (0.1.9)
      ffi (~> 1.0.6)
    choice (0.1.4)
    chunky_png (1.2.0)
    columnize (0.3.3)
    compass (0.11.3)
      chunky_png (~> 1.2)
      fssm (>= 0.2.7)
      sass (~> 3.1)
    configuration (1.3.1)
    diff-lcs (1.1.2)
    em-websocket (0.3.0)
      addressable (>= 2.1.1)
      eventmachine (>= 0.12.9)
    erubis (2.6.6)
      abstract (>= 1.0.0)
    escape_utils (0.2.3)
    eventmachine (0.12.10)
    excon (0.6.3)
    factory_girl (1.3.3)
    factory_girl_rails (1.0.1)
      factory_girl (~> 1.3)
      railties (>= 3.0.0)
    faker (0.9.5)
      i18n (~> 0.4)
    faraday_middleware (0.7.0.rc1)
      faraday (~> 0.7.3)
    fb_graph (1.9.1)
      httpclient (>= 2.2.0.2)
      rack-oauth2 (>= 0.8.0)
    ffi (1.0.9)
    flash_cookie_session (1.1.1)
      rails (~> 3.0)
    fog (0.9.0)
      builder
      excon (~> 0.6.1)
      formatador (>= 0.1.3)
      json
      mime-types
      net-scp (>= 1.0.4)
      net-ssh (>= 2.1.4)
      nokogiri (>= 1.4.4)
      ruby-hmac
    forgery (0.3.10)
      nokogiri (~> 1.4)
    formatador (0.1.4)
    formtastic (1.2.4)
      actionpack (>= 2.3.7)
      activesupport (>= 2.3.7)
      i18n (~> 0.4)
    fssm (0.2.7)
    guard (0.5.0)
      thor (~> 0.14.6)
    guard-bundler (0.1.3)
      bundler (>= 1.0.0)
      guard (>= 0.2.2)
    guard-compass (0.0.6)
      compass (>= 0.10.5)
      guard (>= 0.2.1)
    guard-ego (0.0.1)
      guard (>= 0.2.1)
    guard-jammit (0.1.0)
      guard
      jammit
    guard-livereload (0.2.0)
      em-websocket (>= 0.2.0)
      guard (>= 0.4.0)
      json (>= 1.5.1)
    guard-rails (0.0.2)
      guard (>= 0.2.2)
    guard-rspec (0.4.0)
      guard (>= 0.4.0)
    guard-shell (0.1.1)
      guard (>= 0.2.0)
    haml (3.1.2)
    haml-rails (0.3.4)
      actionpack (~> 3.0)
      activesupport (~> 3.0)
      haml (~> 3.0)
      railties (~> 3.0)
    has_scope (0.5.0)
    hashie (1.0.0)
    heroku (2.3.6)
      launchy (>= 0.3.2)
      rest-client (~> 1.6.1)
      term-ansicolor (~> 1.0.5)
    hirb (0.4.5)
    hoptoad_notifier (2.4.11)
      activesupport
      builder
    hpricot (0.8.4)
    httpclient (2.2.1)
    i18n (0.5.0)
    inherited_resources (1.2.2)
      has_scope (~> 0.5.0)
      responders (~> 0.6.0)
    jammit (0.6.3)
      yui-compressor (>= 0.9.3)
    jquery-rails (1.0.12)
      railties (~> 3.0)
      thor (~> 0.14)
    json (1.5.3)
    json_pure (1.5.3)
    launchy (0.4.0)
      configuration (>= 0.0.5)
      rake (>= 0.8.1)
    libnotify (0.5.6)
    linecache19 (0.5.12)
      ruby_core_source (>= 0.1.4)
    lorempixum (0.0.3)
    mail (2.2.19)
      activesupport (>= 2.3.6)
      i18n (>= 0.4.0)
      mime-types (~> 1.16)
      treetop (~> 1.4.8)
    mime-types (1.16)
    multi_json (1.0.3)
    multi_xml (0.2.2)
    multipart-post (1.1.2)
    net-ldap (0.2.2)
    net-scp (1.0.4)
      net-ssh (>= 1.99.1)
    net-ssh (2.1.4)
    nokogiri (1.4.7)
    oauth (0.4.5)
    oauth2 (0.5.0.rc1)
      faraday (< 0.8, >= 0.6.1)
      multi_json (~> 1.0.0)
    open4 (1.1.0)
    orm_adapter (0.0.5)
    polyglot (0.3.1)
    pyu-ruby-sasl (0.0.3.3)
    rack (1.2.3)
    rack-mount (0.6.14)
      rack (>= 1.0.0)
    rack-oauth2 (0.8.3)
      activesupport (>= 2.3)
      attr_required (>= 0.0.3)
      httpclient (>= 2.2.0.2)
      i18n
      json (>= 1.4.3)
      rack (>= 1.1)
    rack-openid (1.3.1)
      rack (>= 1.1.0)
      ruby-openid (>= 2.1.8)
    rack-test (0.5.7)
      rack (>= 1.0)
    rails (3.0.9)
      actionmailer (= 3.0.9)
      actionpack (= 3.0.9)
      activerecord (= 3.0.9)
      activeresource (= 3.0.9)
      activesupport (= 3.0.9)
      bundler (~> 1.0)
      railties (= 3.0.9)
    railties (3.0.9)
      actionpack (= 3.0.9)
      activesupport (= 3.0.9)
      rake (>= 0.8.7)
      rdoc (~> 3.4)
      thor (~> 0.14.4)
    rake (0.8.7)
    randexp (0.1.5)
      ParseTree
    random_data (1.5.2)
    rb-fsevent (0.4.0)
    rb-inotify (0.8.5)
      ffi (>= 0.5.0)
    rdoc (3.8)
    responders (0.6.4)
    rest-client (1.6.3)
      mime-types (>= 1.16)
    rmagick (2.13.1)
    rspec (2.6.0)
      rspec-core (~> 2.6.0)
      rspec-expectations (~> 2.6.0)
      rspec-mocks (~> 2.6.0)
    rspec-core (2.6.4)
    rspec-expectations (2.6.0)
      diff-lcs (~> 1.1.2)
    rspec-mocks (2.6.0)
    rspec-rails (2.6.1)
      actionpack (~> 3.0)
      activesupport (~> 3.0)
      railties (~> 3.0)
      rspec (~> 2.6.0)
    ruby-debug-base19 (0.11.25)
      columnize (>= 0.3.1)
      linecache19 (>= 0.5.11)
      ruby_core_source (>= 0.1.4)
    ruby-debug19 (0.11.6)
      columnize (>= 0.3.1)
      linecache19 (>= 0.5.11)
      ruby-debug-base19 (>= 0.11.19)
    ruby-graphviz (1.0.0)
    ruby-hmac (0.4.0)
    ruby-openid (2.1.8)
    ruby-openid-apps-discovery (1.2.0)
      ruby-openid (>= 2.1.7)
    ruby_core_source (0.1.5)
      archive-tar-minitar (>= 0.5.2)
    rubyntlm (0.1.1)
    rubyzip (0.9.4)
    sass (3.1.3)
    selenium-webdriver (0.2.2)
      childprocess (>= 0.1.9)
      ffi (>= 1.0.7)
      json_pure
      rubyzip
    sequel (3.20.0)
    sexp_processor (3.0.5)
    simple_oauth (0.1.5)
    sinatra (1.0)
      rack (>= 1.0)
    sqlite3 (1.3.3)
    sqlite3-ruby (1.3.3)
      sqlite3 (>= 1.3.3)
    taps (0.3.23)
      rack (>= 1.0.1)
      rest-client (< 1.7.0, >= 1.4.0)
      sequel (~> 3.20.0)
      sinatra (~> 1.0.0)
      sqlite3-ruby (~> 1.2)
    term-ansicolor (1.0.5)
    thor (0.14.6)
    treetop (1.4.9)
      polyglot (>= 0.3.1)
    tzinfo (0.3.29)
    warden (1.0.4)
      rack (>= 1.0)
    xpath (0.1.4)
      nokogiri (~> 1.3)
    yaml_db (0.2.1)
    yui-compressor (0.9.6)
      POpen4 (>= 0.1.4)

PLATFORMS
  ruby

DEPENDENCIES
  ZenTest
  acts_as_list
  autotest-rails
  best_in_place!
  capybara
  carrierwave!
  compass (>= 0.11.1)
  database_cleaner!
  devise!
  escape_utils
  facebook_test_users!
  factory_girl_rails
  faker
  faraday!
  fb_graph
  flash_cookie_session
  fog
  forgery
  formtastic
  guard
  guard-bundler
  guard-compass
  guard-ego
  guard-jammit
  guard-livereload
  guard-rails
  guard-rspec
  guard-shell
  haml-rails
  hashie
  heroku
  heroku-rails!
  hirb
  hoptoad_notifier
  hpricot
  inherited_resources
  jammit
  jquery-rails
  launchy
  libnotify
  lorempixum
  nokogiri
  omniauth!
  rack-test
  rails (= 3.0.9)
  rails-erd!
  rake (= 0.8.7)
  randexp
  random_data
  rb-fsevent
  rb-inotify
  rest-client
  rmagick
  rspec-core (= 2.6.4)
  rspec-rails
  ruby-debug19
  selenium-webdriver
  sqlite3-ruby
  taps
  twitter!
  yaml_db
