GIT
  remote: https://github.com/jnicklas/carrierwave.git
  revision: d2cb99103a4fd3a4927ea616b251809969831fbe
  specs:
    carrierwave (0.5.3)
      activesupport (~> 3.0)

GIT
  remote: https://github.com/moabite/best_in_place.git
  revision: 55f8fdc3ab7c37167d72eaf82f8b471146169890
  specs:
    best_in_place (0.1.9)
      rails (~> 3.0.0)

GIT
  remote: https://github.com/plataformatec/devise.git
  revision: 50a5ad54ce0ccff2b3096ba8d04c5b70e0f22f63
  specs:
    devise (1.4.0.dev)
      bcrypt-ruby (~> 2.1.2)
      orm_adapter (~> 0.0.3)
      warden (~> 1.0.3)

GIT
  remote: https://github.com/sid137/placehold.git
  revision: 624ea0127784b57fa99cb6891f31ecce2c3ec038
  specs:
    placehold (0.0.0)

GEM
  remote: http://rubygems.org/
  specs:
    ParseTree (3.0.7)
      RubyInline (>= 3.7.0)
      sexp_processor (>= 3.0.0)
    RubyInline (3.9.0)
      ZenTest (~> 4.3)
    ZenTest (4.5.0)
    abstract (1.0.0)
    actionmailer (3.0.7)
      actionpack (= 3.0.7)
      mail (~> 2.2.15)
    actionpack (3.0.7)
      activemodel (= 3.0.7)
      activesupport (= 3.0.7)
      builder (~> 2.1.2)
      erubis (~> 2.6.6)
      i18n (~> 0.5.0)
      rack (~> 1.2.1)
      rack-mount (~> 0.6.14)
      rack-test (~> 0.5.7)
      tzinfo (~> 0.3.23)
    activemodel (3.0.7)
      activesupport (= 3.0.7)
      builder (~> 2.1.2)
      i18n (~> 0.5.0)
    activerecord (3.0.7)
      activemodel (= 3.0.7)
      activesupport (= 3.0.7)
      arel (~> 2.0.2)
      tzinfo (~> 0.3.23)
    activeresource (3.0.7)
      activemodel (= 3.0.7)
      activesupport (= 3.0.7)
    activesupport (3.0.7)
    acts_as_list (0.1.2)
    addressable (2.2.4)
    ajaxful_rating (2.2.8.2)
    annotate-models (1.0.4)
    archive-tar-minitar (0.5.2)
    arel (2.0.9)
    attr_required (0.0.3)
    bcrypt-ruby (2.1.4)
    builder (2.1.2)
    chunky_png (1.2.0)
    columnize (0.3.2)
    compass (0.11.1)
      chunky_png (~> 1.1)
      fssm (>= 0.2.7)
      sass (~> 3.1)
    erubis (2.6.6)
      abstract (>= 1.0.0)
    excon (0.6.3)
    factory_girl (1.3.3)
    factory_girl_rails (1.0.1)
      factory_girl (~> 1.3)
      railties (>= 3.0.0)
    faker (0.9.5)
      i18n (~> 0.4)
    faraday (0.6.1)
      addressable (~> 2.2.4)
      multipart-post (~> 1.1.0)
      rack (< 2, >= 1.1.0)
    faraday_middleware (0.6.3)
      faraday (~> 0.6.0)
    fb_graph (1.8.0)
      httpclient (>= 2.2.0.2)
      rack-oauth2 (>= 0.6.9)
    flash_cookie_session (1.1.0)
      rails (~> 3.0)
    fog (0.7.2)
      builder
      excon (>= 0.6.1)
      formatador (>= 0.1.3)
      json
      mime-types
      net-ssh (>= 2.1.3)
      nokogiri (>= 1.4.4)
      ruby-hmac
    forgery (0.3.8)
      nokogiri (~> 1.4)
    formatador (0.1.3)
    formtastic (1.2.3)
      actionpack (>= 2.3.7)
      activesupport (>= 2.3.7)
      i18n (~> 0.4)
    fssm (0.2.7)
    haml (3.1.1)
    haml-rails (0.3.4)
      actionpack (~> 3.0)
      activesupport (~> 3.0)
      haml (~> 3.0)
      railties (~> 3.0)
    has_scope (0.5.0)
    hashie (1.0.0)
    hirb (0.4.5)
    hoptoad_notifier (2.4.9)
      activesupport
      builder
    httpclient (2.2.0.2)
    i18n (0.5.0)
    inherited_resources (1.2.2)
      has_scope (~> 0.5.0)
      responders (~> 0.6.0)
    jquery-rails (1.0)
      rails (~> 3.0)
      thor (~> 0.14)
    json (1.5.1)
    linecache19 (0.5.12)
      ruby_core_source (>= 0.1.4)
    lorempixum (0.0.3)
    mail (2.2.19)
      activesupport (>= 2.3.6)
      i18n (>= 0.4.0)
      mime-types (~> 1.16)
      treetop (~> 1.4.8)
    mime-types (1.16)
    multi_json (1.0.2)
    multi_xml (0.2.2)
    multipart-post (1.1.1)
    net-ldap (0.2.2)
    net-ssh (2.1.4)
    nokogiri (1.4.4)
    oa-basic (0.2.5)
      oa-core (= 0.2.5)
      rest-client (~> 1.6.0)
    oa-core (0.2.5)
    oa-enterprise (0.2.5)
      addressable (= 2.2.4)
      net-ldap (~> 0.2.2)
      nokogiri (~> 1.4.2)
      oa-core (= 0.2.5)
      pyu-ruby-sasl (~> 0.0.3.1)
      rubyntlm (~> 0.1.1)
    oa-more (0.2.5)
      multi_json (~> 1.0.0)
      oa-core (= 0.2.5)
      rest-client (~> 1.6.0)
    oa-oauth (0.2.5)
      faraday (~> 0.6.1)
      multi_json (~> 1.0.0)
      multi_xml (~> 0.2.2)
      oa-core (= 0.2.5)
      oauth (~> 0.4.0)
      oauth2 (~> 0.4.1)
    oa-openid (0.2.5)
      oa-core (= 0.2.5)
      rack-openid (~> 1.3.1)
      ruby-openid-apps-discovery (~> 1.2.0)
    oauth (0.4.4)
    oauth2 (0.4.1)
      faraday (~> 0.6.1)
      multi_json (>= 0.0.5)
    omniauth (0.2.5)
      oa-basic (= 0.2.5)
      oa-core (= 0.2.5)
      oa-enterprise (= 0.2.5)
      oa-more (= 0.2.5)
      oa-oauth (= 0.2.5)
      oa-openid (= 0.2.5)
    orm_adapter (0.0.5)
    polyglot (0.3.1)
    pyu-ruby-sasl (0.0.3.2)
    rack (1.2.2)
    rack-mount (0.6.14)
      rack (>= 1.0.0)
    rack-oauth2 (0.6.9)
      activesupport (>= 2.3)
      attr_required (>= 0.0.3)
      i18n
      json (>= 1.4.3)
      rack (>= 1.1)
      restclient_with_cert
    rack-openid (1.3.1)
      rack (>= 1.1.0)
      ruby-openid (>= 2.1.8)
    rack-test (0.5.7)
      rack (>= 1.0)
    rails (3.0.7)
      actionmailer (= 3.0.7)
      actionpack (= 3.0.7)
      activerecord (= 3.0.7)
      activeresource (= 3.0.7)
      activesupport (= 3.0.7)
      bundler (~> 1.0)
      railties (= 3.0.7)
    railties (3.0.7)
      actionpack (= 3.0.7)
      activesupport (= 3.0.7)
      rake (>= 0.8.7)
      thor (~> 0.14.4)
    rake (0.8.7)
    randexp (0.1.5)
      ParseTree
    random_data (1.5.2)
    rash (0.3.0)
      hashie (~> 1.0.0)
    responders (0.6.4)
    rest-client (1.6.1)
      mime-types (>= 1.16)
    restclient_with_cert (0.0.7)
      rest-client (>= 1.6)
    rmagick (2.13.1)
    ruby-debug-base19 (0.11.25)
      columnize (>= 0.3.1)
      linecache19 (>= 0.5.11)
      ruby_core_source (>= 0.1.4)
    ruby-debug19 (0.11.6)
      columnize (>= 0.3.1)
      linecache19 (>= 0.5.11)
      ruby-debug-base19 (>= 0.11.19)
    ruby-hmac (0.4.0)
    ruby-openid (2.1.8)
    ruby-openid-apps-discovery (1.2.0)
      ruby-openid (>= 2.1.7)
    ruby_core_source (0.1.5)
      archive-tar-minitar (>= 0.5.2)
    rubyntlm (0.1.1)
    sass (3.1.1)
    sexp_processor (3.0.5)
    simple_oauth (0.1.5)
    sqlite3 (1.3.3)
    sqlite3-ruby (1.3.3)
      sqlite3 (>= 1.3.3)
    thor (0.14.6)
    treetop (1.4.9)
      polyglot (>= 0.3.1)
    twitter (1.4.1)
      faraday (~> 0.6.1)
      faraday_middleware (~> 0.6.3)
      hashie (~> 1.0.0)
      multi_json (~> 1.0.0)
      multi_xml (~> 0.2.0)
      rash (~> 0.3.0)
      simple_oauth (~> 0.1.4)
    tzinfo (0.3.27)
    warden (1.0.4)
      rack (>= 1.0)
    yaml_db (0.2.1)

PLATFORMS
  ruby

DEPENDENCIES
  acts_as_list
  ajaxful_rating
  annotate-models
  best_in_place!
  carrierwave!
  compass (>= 0.11.1)
  devise!
  factory_girl_rails
  faker
  fb_graph
  flash_cookie_session
  fog
  forgery
  formtastic
  haml-rails
  hashie
  hirb
  hoptoad_notifier
  inherited_resources
  jquery-rails
  lorempixum
  omniauth
  placehold!
  rails
  randexp
  random_data
  rmagick
  ruby-debug19
  sqlite3-ruby
  twitter
  yaml_db
